GEM
  remote: http://rubygems.org/
  specs:
    faraday (0.8.0)
      multipart-post (~> 1.1)
    faraday_middleware (0.8.7)
      faraday (>= 0.7.4, < 0.9)
    minitest (2.11.1)
    multi_xml (0.4.1)
    multipart-post (1.1.5)
    rake (0.9.2.2)
    vcr (2.1.1)

PLATFORMS
  ruby

DEPENDENCIES
  faraday (>= 0.7.0)
  faraday_middleware (>= 0.7.0)
  minitest
  multi_xml (~> 0.4.1)
  rake
  vcr
